GEM
  remote: http://rubygems.org/
  specs:
    bson (1.5.2)
    bson_ext (1.5.2)
      bson (= 1.5.2)
    daemons (1.1.6)
    eventmachine (0.12.10)
    foursquare-api (0.0.5)
    json (1.5.0)
    mongo (1.5.2)
      bson (= 1.5.2)
    rack (1.4.1)
    sinatra (1.1.0)
      rack (~> 1.1)
      tilt (~> 1.1)
    thin (1.2.7)
      daemons (>= 1.0.9)
      eventmachine (>= 0.12.6)
      rack (>= 1.0.0)
    tilt (1.3.3)

PLATFORMS
  ruby

DEPENDENCIES
  bson_ext (= 1.5.2)
  foursquare-api (= 0.0.5)
  json (= 1.5.0)
  mongo (= 1.5.2)
  sinatra (= 1.1.0)
  thin (= 1.2.7)
