GEM
  remote: http://rubygems.org/
  specs:
    addressable (2.2.6)
    bson (1.5.2)
    bson_ext (1.5.2)
      bson (= 1.5.2)
    daemons (1.1.6)
    eventmachine (0.12.10)
    faraday (0.7.6)
      addressable (~> 2.2)
      multipart-post (~> 1.1)
      rack (~> 1.1)
    faraday_middleware (0.7.0)
      faraday (~> 0.7.3)
    foursquare2 (1.3.5)
      faraday (< 0.8, >= 0.6)
      faraday_middleware (< 0.8, >= 0.6)
      hashie (~> 1.0)
    hashie (1.2.0)
    json (1.5.0)
    mongo (1.5.2)
      bson (= 1.5.2)
    multi_json (1.0.4)
    multipart-post (1.1.4)
    rack (1.4.1)
    sinatra (1.1.0)
      rack (~> 1.1)
      tilt (~> 1.1)
    thin (1.2.7)
      daemons (>= 1.0.9)
      eventmachine (>= 0.12.6)
      rack (>= 1.0.0)
    tilt (1.3.3)

PLATFORMS
  ruby

DEPENDENCIES
  bson_ext (= 1.5.2)
  foursquare2 (= 1.3.5)
  json (= 1.5.0)
  mongo (= 1.5.2)
  multi_json (= 1.0.4)
  sinatra (= 1.1.0)
  thin (= 1.2.7)
